PATH
  remote: .
  specs:
    datum (4.0.6)

GEM
  remote: https://rubygems.org/
  specs:

PLATFORMS
  ruby

DEPENDENCIES
  datum!
